GEM
  remote: https://rubygems.org/
  specs:
    CoffeeTags (0.6.0)
    addressable (2.3.8)
    awesome_print (1.6.1)
    backports (3.6.4)
    brewdler (1.1.1)
      commander
    celluloid (0.16.0)
      timers (~> 4.0.0)
    coderay (1.1.0)
    colorize (0.7.7)
    commander (4.3.4)
      highline (~> 1.7.2)
    ethon (0.7.3)
      ffi (>= 1.3.0)
    exifr (1.2.2)
    faraday (0.9.1)
      multipart-post (>= 1.2, < 3)
    faraday_middleware (0.9.1)
      faraday (>= 0.7.4, < 0.10)
    fastri (0.3.1.1)
    ffi (1.9.8)
    formatador (0.2.5)
    fspath (2.1.1)
    gem-browse (1.0.0)
    gh (0.14.0)
      addressable
      backports
      faraday (~> 0.8)
      multi_json (~> 1.0)
      net-http-persistent (>= 2.7)
      net-http-pipeline
    git-smart (0.1.10)
      colorize
    guard (2.12.5)
      formatador (>= 0.2.4)
      listen (~> 2.7)
      lumberjack (~> 1.0)
      nenv (~> 0.1)
      notiffany (~> 0.0)
      pry (>= 0.9.12)
      shellany (~> 0.0)
      thor (>= 0.18.1)
    highline (1.7.2)
    hijack (0.2.1)
    hitimes (1.2.2)
    image_optim (0.20.2)
      exifr (~> 1.1, >= 1.1.3)
      fspath (~> 2.1)
      image_size (~> 1.3)
      in_threads (~> 1.3)
      progress (~> 3.0, >= 3.0.1)
    image_optim_pack (0.2.1.20150422)
      fspath (~> 2.1)
      image_optim (~> 0.19)
    image_size (1.4.1)
    in_threads (1.3.1)
    json (1.8.2)
    launchy (2.4.3)
      addressable (~> 2.3)
    listen (2.10.0)
      celluloid (~> 0.16.0)
      rb-fsevent (>= 0.9.3)
      rb-inotify (>= 0.9)
    lumberjack (1.0.9)
    lunchy (0.9.0)
    method_source (0.8.2)
    multi_json (1.11.0)
    multipart-post (2.0.0)
    nenv (0.2.0)
    net-http-persistent (2.9.4)
    net-http-pipeline (1.0.1)
    notiffany (0.0.6)
      nenv (~> 0.1)
      shellany (~> 0.0)
    progress (3.1.0)
    pry (0.9.12.6)
      coderay (~> 1.0)
      method_source (~> 0.8)
      slop (~> 3.4)
    pry-doc (0.6.0)
      pry (~> 0.9)
      yard (~> 0.8)
    pry-theme (1.1.3)
      coderay (~> 1.1)
      json (~> 1.8)
    pusher-client (0.6.0)
      json
      websocket (~> 1.0)
    rb-fsevent (0.9.4)
    rb-inotify (0.9.5)
      ffi (>= 0.5.0)
    rcodetools (0.8.5.0)
    shellany (0.0.1)
    slop (3.6.0)
    thor (0.19.1)
    timers (4.0.1)
      hitimes
    travis (1.7.6)
      addressable (~> 2.3)
      backports
      faraday (~> 0.9)
      faraday_middleware (~> 0.9, >= 0.9.1)
      gh (~> 0.13)
      highline (~> 1.6)
      launchy (~> 2.1)
      pry (~> 0.9, < 0.10)
      pusher-client (~> 0.4)
      typhoeus (~> 0.6, >= 0.6.8)
    travis-lint (2.0.0)
      json
    typhoeus (0.7.1)
      ethon (>= 0.7.1)
    websocket (1.2.2)
    yard (0.8.7.6)

PLATFORMS
  ruby

DEPENDENCIES
  CoffeeTags
  awesome_print
  brewdler
  fastri
  gem-browse
  git-smart
  guard
  hijack
  image_optim
  image_optim_pack
  lunchy
  pry
  pry-doc
  pry-theme
  rb-fsevent
  rcodetools
  travis
  travis-lint
